PATH
  remote: .
  specs:
    heatmap (0.0.1)
      kdtree

GEM
  remote: https://rubygems.org/
  specs:
    kdtree (0.3)

PLATFORMS
  ruby

DEPENDENCIES
  heatmap!
